GEM
  remote: https://rubygems.org/
  specs:
    POpen4 (0.1.4)
      Platform (>= 0.4.0)
      open4
    Platform (0.4.0)
    RedCloth (4.2.9)
    RedCloth (4.2.9-java)
    asciidoctor (0.1.4)
    awestruct (0.5.3)
      bootstrap-sass (>= 2.3.1.0)
      compass (>= 0.12.1)
      compass-960-plugin (~> 0.10.4)
      git (~> 1.2.5)
      haml (~> 4.0.1)
      listen (>= 0.7.3)
      nokogiri (= 1.5.10)
      rack (~> 1.5.2)
      rest-client (>= 1.6.7)
      ruby-s3cmd (~> 0.1.5)
      tilt (>= 1.3.6)
      zurb-foundation (>= 4.0.9)
    bootstrap-sass (2.3.2.2)
      sass (~> 3.2)
    chunky_png (1.2.9)
    coderay (1.1.0)
    coffee-script (2.2.0)
      coffee-script-source
      execjs
    coffee-script-source (1.6.2)
    commonjs (0.2.6)
    compass (0.12.2)
      chunky_png (~> 1.2)
      fssm (>= 0.2.7)
      sass (~> 3.1)
    compass-960-plugin (0.10.4)
      compass (>= 0.10.0)
    cssminify (1.0.2)
    execjs (1.4.0)
      multi_json (~> 1.0)
    fssm (0.2.10)
    git (1.2.6)
    haml (4.0.3)
      tilt
    htmlcompressor (0.0.6)
      yui-compressor (~> 0.9.6)
    kramdown (1.0.2)
    less (2.3.2)
      commonjs (~> 0.2.6)
    libv8 (3.11.8.17)
    listen (0.7.3)
    mime-types (1.25)
    multi_json (1.7.3)
    nokogiri (1.5.10)
    nokogiri (1.5.10-java)
    open4 (1.3.0)
    rack (1.5.2)
    rb-fsevent (0.9.3)
    ref (1.0.4)
    rest-client (1.6.7)
      mime-types (>= 1.16)
    ruby-s3cmd (0.1.5)
    sass (3.2.12)
    therubyracer (0.11.4)
      libv8 (~> 3.11.8.12)
      ref
    therubyrhino (1.73.5)
    tilt (1.4.1)
    uglifier (2.0.1)
      execjs (>= 0.3.0)
      multi_json (~> 1.0, >= 1.0.2)
    yui-compressor (0.9.6)
      POpen4 (>= 0.1.4)
    zurb-foundation (4.3.2)
      sass (>= 3.2.0)

PLATFORMS
  java
  ruby

DEPENDENCIES
  RedCloth
  asciidoctor (= 0.1.4)
  awestruct (= 0.5.3)
  coderay
  coffee-script
  cssminify (~> 1.0.2)
  htmlcompressor (~> 0.0.3)
  kramdown (~> 1.0.1)
  less (~> 2.3.2)
  listen (= 0.7.3)
  rb-fsevent (~> 0.9.3)
  therubyracer (~> 0.11.4)
  therubyrhino (~> 1.73)
  tilt (~> 1.4.0)
  uglifier (~> 2.0.1)
  win32-open3-19
